GIT
  remote: git://github.com/resolve/refinerycms.git
  revision: 6be066df4560c5f8349df7eb8b8cd8b3faffe512
  branch: 6be066df4560c5f8349df7eb8b8cd8b3faffe512
  specs:
    refinerycms (0.9.9)
      acts_as_indexed (~> 0.6.6)
      bundler (~> 1.0.5)
      devise (~> 1.1)
      dragonfly (~> 0.8.2)
      friendly_id_globalize3 (~> 3.2.0)
      globalize3 (>= 0.1.0.beta)
      moretea-awesome_nested_set (= 1.4.3.1)
      rack-cache (~> 0.5.2)
      rails (~> 3.0.3)
      rdoc (>= 2.5.11)
      refinerycms-generators (~> 0.9.9.3)
      truncate_html (~> 0.5)
      will_paginate (~> 3.0.pre)

GEM
  remote: http://rubygems.org/
  specs:
    abstract (1.0.0)
    actionmailer (3.0.3)
      actionpack (= 3.0.3)
      mail (~> 2.2.9)
    actionpack (3.0.3)
      activemodel (= 3.0.3)
      activesupport (= 3.0.3)
      builder (~> 2.1.2)
      erubis (~> 2.6.6)
      i18n (~> 0.4)
      rack (~> 1.2.1)
      rack-mount (~> 0.6.13)
      rack-test (~> 0.5.6)
      tzinfo (~> 0.3.23)
    activemodel (3.0.3)
      activesupport (= 3.0.3)
      builder (~> 2.1.2)
      i18n (~> 0.4)
    activerecord (3.0.3)
      activemodel (= 3.0.3)
      activesupport (= 3.0.3)
      arel (~> 2.0.2)
      tzinfo (~> 0.3.23)
    activeresource (3.0.3)
      activemodel (= 3.0.3)
      activesupport (= 3.0.3)
    activesupport (3.0.3)
    acts_as_indexed (0.6.7)
    arel (2.0.8)
    babosa (0.2.2)
    batchbook (1.0.4)
      activeresource (>= 2.3.5)
    bcrypt-ruby (2.1.4)
    builder (2.1.2)
    capistrano (2.5.19)
      highline
      net-scp (>= 1.0.0)
      net-sftp (>= 2.0.0)
      net-ssh (>= 2.0.14)
      net-ssh-gateway (>= 1.0.0)
    daemons (1.1.0)
    devise (1.1.5)
      bcrypt-ruby (~> 2.1.2)
      warden (~> 1.0.2)
    diff-lcs (1.1.2)
    dragonfly (0.8.2)
      rack
    dynamic_form (1.1.3)
    erubis (2.6.6)
      abstract (>= 1.0.0)
    filters_spam (0.3)
    friendly_id_globalize3 (3.2.1)
      babosa (~> 0.2.1)
    globalize3 (0.1.0.beta)
      activemodel (>= 3.0.0)
      activerecord (>= 3.0.0)
    haml (3.1.6)
    highline (1.6.1)
    hireling (0.2.1)
      daemons (>= 1.0.10)
      rufus-scheduler (>= 2.0.6)
    i18n (0.5.0)
    kgio (1.3.1)
    mail (2.2.15)
      activesupport (>= 2.3.6)
      i18n (>= 0.4.0)
      mime-types (~> 1.16)
      treetop (~> 1.4.8)
    mime-types (1.16)
    moretea-awesome_nested_set (1.4.3.1)
      activerecord (~> 3.0.0)
    mysql (2.8.1)
    net-scp (1.0.4)
      net-ssh (>= 1.99.1)
    net-sftp (2.0.5)
      net-ssh (>= 2.0.9)
    net-ssh (2.1.0)
    net-ssh-gateway (1.0.1)
      net-ssh (>= 1.99.1)
    polyglot (0.3.1)
    rack (1.2.1)
    rack-cache (0.5.3)
      rack (>= 0.4)
    rack-mount (0.6.13)
      rack (>= 1.0.0)
    rack-test (0.5.7)
      rack (>= 1.0)
    rails (3.0.3)
      actionmailer (= 3.0.3)
      actionpack (= 3.0.3)
      activerecord (= 3.0.3)
      activeresource (= 3.0.3)
      activesupport (= 3.0.3)
      bundler (~> 1.0)
      railties (= 3.0.3)
    railties (3.0.3)
      actionpack (= 3.0.3)
      activesupport (= 3.0.3)
      rake (>= 0.8.7)
      thor (~> 0.14.4)
    rake (0.8.7)
    rdoc (3.5.3)
    refinerycms-blog (1.1)
      filters_spam (~> 0.2)
      refinerycms (>= 0.9.8)
    refinerycms-generators (0.9.9.3)
    refinerycms-i18n (0.9.9.7)
      refinerycms (>= 0.9.8)
      routing-filter (>= 0.2.3)
    refinerycms-theming (0.9.8.2)
      refinerycms (>= 0.9.8)
    routing-filter (0.2.3)
      actionpack
    rspec (2.5.0)
      rspec-core (~> 2.5.0)
      rspec-expectations (~> 2.5.0)
      rspec-mocks (~> 2.5.0)
    rspec-core (2.5.1)
    rspec-expectations (2.5.0)
      diff-lcs (~> 1.1.2)
    rspec-mocks (2.5.0)
    rspec-rails (2.5.0)
      actionpack (~> 3.0)
      activesupport (~> 3.0)
      railties (~> 3.0)
      rspec (~> 2.5.0)
    rufus-scheduler (2.0.8)
      tzinfo (>= 0.3.23)
    thor (0.14.6)
    treetop (1.4.9)
      polyglot (>= 0.3.1)
    truncate_html (0.5.0)
    tzinfo (0.3.24)
    unicorn (2.0.0)
      kgio (~> 1.3.1)
      rack
    warden (1.0.3)
      rack (>= 1.0.0)
    will_paginate (3.0.pre2)

PLATFORMS
  ruby

DEPENDENCIES
  batchbook
  capistrano
  dynamic_form (= 1.1.3)
  haml
  hireling (= 0.2.1)
  mysql (= 2.8.1)
  rails (= 3.0.3)
  refinerycms!
  refinerycms-blog (~> 1.1)
  refinerycms-i18n (~> 0.9)
  refinerycms-theming (~> 0.9.8)
  rspec
  rspec-rails
  unicorn (= 2.0.0)
